PATH
  remote: .
  specs:
    data_type (1.0.0)

GEM
  remote: https://rubygems.org/
  specs:
    docile (1.4.0)
    minitest (5.16.3)
    rake (13.0.6)
    rbs (2.7.0)
    simplecov (0.21.2)
      docile (~> 1.1)
      simplecov-html (~> 0.11)
      simplecov_json_formatter (~> 0.1)
    simplecov-html (0.12.3)
    simplecov_json_formatter (0.1.4)
    webrick (1.7.0)
    yard (0.9.28)
      webrick (~> 1.7.0)

PLATFORMS
  x86_64-darwin-21
  x86_64-linux

DEPENDENCIES
  data_type!
  minitest (~> 5)
  rake (~> 13)
  rbs (~> 2)
  simplecov (~> 0)
  yard (~> 0)

BUNDLED WITH
   2.3.26
